GIT
  remote: git://github.com/HerbCSO/about-herbcso.git
  revision: b4ede7321e70eb1bf70dc5355285efc231d92ccf
  specs:
    about-herbcso (0.0.2)

GIT
  remote: git://github.com/RubyoffRails/superfight.git
  revision: 75a5c4f724284ade4132f0a84acf3b2a8e126fcd
  specs:
    superfight (0.0.1)

GEM
  remote: http://rubygems.org/
  specs:
    diff-lcs (1.1.3)
    rake (0.9.2.2)
    rspec (2.11.0)
      rspec-core (~> 2.11.0)
      rspec-expectations (~> 2.11.0)
      rspec-mocks (~> 2.11.0)
    rspec-core (2.11.1)
    rspec-expectations (2.11.3)
      diff-lcs (~> 1.1.3)
    rspec-mocks (2.11.2)

PLATFORMS
  ruby

DEPENDENCIES
  about-herbcso!
  rake
  rspec
  superfight!
